GIT
  remote: https://github.com/demonodojo/decidim.git
  revision: 37b78ba7f8a021a56b7774be2532a3f063316fc8
  branch: bugfixing
  specs:
    decidim (0.17.1.fix)
      decidim-accountability (= 0.17.1)
      decidim-admin (= 0.17.1)
      decidim-api (= 0.17.1)
      decidim-assemblies (= 0.17.1)
      decidim-blogs (= 0.17.1)
      decidim-budgets (= 0.17.1)
      decidim-comments (= 0.17.1)
      decidim-core (= 0.17.1)
      decidim-debates (= 0.17.1)
      decidim-forms (= 0.17.1)
      decidim-generators (= 0.17.1)
      decidim-meetings (= 0.17.1)
      decidim-pages (= 0.17.1)
      decidim-participatory_processes (= 0.17.1)
      decidim-proposals (= 0.17.1)
      decidim-sortitions (= 0.17.1)
      decidim-surveys (= 0.17.1)
      decidim-system (= 0.17.1)
      decidim-verifications (= 0.17.1.fix)
    decidim-accountability (0.17.1)
      decidim-comments (= 0.17.1)
      decidim-core (= 0.17.1)
      kaminari (~> 1.0)
      searchlight (~> 4.1)
    decidim-admin (0.17.1)
      active_link_to (~> 1.0)
      decidim-core (= 0.17.1)
      devise (~> 4.2)
      devise-i18n (~> 1.2)
      devise_invitable (~> 1.7)
      jquery-rails (~> 4.3)
      sassc (~> 1.12, >= 1.12.1)
      sassc-rails (~> 1.3)
    decidim-api (0.17.1)
      graphiql-rails (~> 1.4, < 1.5)
      graphql (~> 1.6, < 1.8.11)
      rack-cors (~> 1.0)
      sprockets-es6 (~> 0.9.2)
    decidim-assemblies (0.17.1)
      decidim-core (= 0.17.1)
    decidim-blogs (0.17.1)
      decidim-admin (= 0.17.1)
      decidim-comments (= 0.17.1)
      decidim-core (= 0.17.1)
      httparty (~> 0.16.0)
      jquery-tmpl-rails (~> 1.1)
      kaminari (~> 1.0)
    decidim-budgets (0.17.1)
      decidim-comments (= 0.17.1)
      decidim-core (= 0.17.1)
      kaminari (~> 1.0)
      searchlight (~> 4.1)
    decidim-comments (0.17.1)
      decidim-core (= 0.17.1)
      jquery-rails (~> 4.0)
    decidim-consultations (0.17.1)
      decidim-admin (= 0.17.1)
      decidim-comments (= 0.17.1)
      decidim-core (= 0.17.1)
    decidim-core (0.17.1)
      active_link_to (~> 1.0)
      autoprefixer-rails (~> 8.0)
      batch-loader (~> 1.2)
      carrierwave (~> 1.1)
      cells-erb (~> 0.1.0)
      cells-rails (~> 0.0.9)
      charlock_holmes (>= 0.7.6)
      date_validator (~> 0.9.0)
      decidim-api (= 0.17.1)
      devise (~> 4.3)
      devise-i18n (~> 1.2)
      doorkeeper (~> 4.4)
      doorkeeper-i18n (~> 4.0)
      etherpad-lite (~> 0.3)
      file_validators (~> 2.1)
      foundation-rails (~> 6.4, < 6.5)
      foundation_rails_helper (~> 3.0)
      geocoder (~> 1.4)
      hashdiff (~> 0.3.7)
      invisible_captcha (~> 0.10.0)
      jquery-rails (~> 4.3)
      kaminari (~> 1.0)
      loofah (~> 2.0, >= 2.2.1)
      mini_magick (~> 4.8)
      mustache (~> 1.1.0)
      nobspw (~> 0.4.0)
      omniauth (~> 1.6)
      omniauth-facebook (~> 4.0)
      omniauth-google-oauth2 (~> 0.5.0)
      omniauth-twitter (~> 1.4)
      paper_trail (~> 9.0)
      pg (>= 0.18, < 2)
      pg_search (~> 2.1, >= 2.1.0)
      premailer-rails (~> 1.9)
      rack (>= 2.0.6)
      rack-attack (~> 5.2)
      rails (>= 5.2, < 6.0.x)
      rails-i18n (~> 5.0)
      rectify (~> 0.13.0)
      redis (~> 4.0)
      rubyzip (~> 1.2, >= 1.2.2)
      sassc (~> 1.12, >= 1.12.1)
      sassc-rails (~> 1.3)
      spreadsheet (~> 1.1)
      sprockets-es6 (~> 0.9.2)
      truncato (~> 0.7.10)
      uglifier (~> 4.0)
      valid_email2 (~> 2.1)
      wisper (~> 2.0)
    decidim-debates (0.17.1)
      decidim-comments (= 0.17.1)
      decidim-core (= 0.17.1)
      kaminari (~> 1.0)
      searchlight (~> 4.1)
    decidim-forms (0.17.1)
      decidim-core (= 0.17.1)
    decidim-generators (0.17.1)
      decidim-core (= 0.17.1)
    decidim-meetings (0.17.1)
      cells-erb (~> 0.1.0)
      cells-rails (~> 0.0.9)
      decidim-core (= 0.17.1)
      decidim-forms (= 0.17.1)
      httparty (~> 0.16.0)
      icalendar (~> 2.4)
      jquery-tmpl-rails (~> 1.1)
      kaminari (~> 1.0)
      searchlight (~> 4.1)
    decidim-pages (0.17.1)
      decidim-core (= 0.17.1)
    decidim-participatory_processes (0.17.1)
      decidim-core (= 0.17.1)
    decidim-proposals (0.17.1)
      acts_as_list (>= 0.9)
      cells-erb (~> 0.1.0)
      cells-rails (~> 0.0.9)
      decidim-comments (= 0.17.1)
      decidim-core (= 0.17.1)
      doc2text (>= 0.4.0)
      kaminari (~> 1.0)
      ransack (~> 2.0)
      redcarpet (>= 3.4)
      social-share-button (~> 1.0)
    decidim-sortitions (0.17.1)
      decidim-admin (= 0.17.1)
      decidim-comments (= 0.17.1)
      decidim-core (= 0.17.1)
      decidim-proposals (= 0.17.1)
      social-share-button (~> 1.0)
    decidim-surveys (0.17.1)
      decidim-core (= 0.17.1)
      decidim-forms (= 0.17.1)
    decidim-system (0.17.1)
      active_link_to (~> 1.0)
      decidim-core (= 0.17.1)
      devise (~> 4.2)
      devise-i18n (~> 1.2)
      devise_invitable (~> 1.7)
      jquery-rails (~> 4.3)
      sassc (~> 1.12, >= 1.12.1)
      sassc-rails (~> 1.3)
    decidim-verifications (0.17.1.fix)
      decidim-core (= 0.17.1)

GEM
  remote: https://rubygems.org/
  specs:
    actioncable (5.2.8.1)
      actionpack (= 5.2.8.1)
      nio4r (~> 2.0)
      websocket-driver (>= 0.6.1)
    actionmailer (5.2.8.1)
      actionpack (= 5.2.8.1)
      actionview (= 5.2.8.1)
      activejob (= 5.2.8.1)
      mail (~> 2.5, >= 2.5.4)
      rails-dom-testing (~> 2.0)
    actionpack (5.2.8.1)
      actionview (= 5.2.8.1)
      activesupport (= 5.2.8.1)
      rack (~> 2.0, >= 2.0.8)
      rack-test (>= 0.6.3)
      rails-dom-testing (~> 2.0)
      rails-html-sanitizer (~> 1.0, >= 1.0.2)
    actionview (5.2.8.1)
      activesupport (= 5.2.8.1)
      builder (~> 3.1)
      erubi (~> 1.4)
      rails-dom-testing (~> 2.0)
      rails-html-sanitizer (~> 1.0, >= 1.0.3)
    active_link_to (1.0.5)
      actionpack
      addressable
    activejob (5.2.8.1)
      activesupport (= 5.2.8.1)
      globalid (>= 0.3.6)
    activemodel (5.2.8.1)
      activesupport (= 5.2.8.1)
    activerecord (5.2.8.1)
      activemodel (= 5.2.8.1)
      activesupport (= 5.2.8.1)
      arel (>= 9.0)
    activerecord-session_store (1.1.1)
      actionpack (>= 4.0)
      activerecord (>= 4.0)
      multi_json (~> 1.11, >= 1.11.2)
      rack (>= 1.5.2, < 3)
      railties (>= 4.0)
    activestorage (5.2.8.1)
      actionpack (= 5.2.8.1)
      activerecord (= 5.2.8.1)
      marcel (~> 1.0.0)
    activesupport (5.2.8.1)
      concurrent-ruby (~> 1.0, >= 1.0.2)
      i18n (>= 0.7, < 2)
      minitest (~> 5.1)
      tzinfo (~> 1.1)
    acts_as_list (1.0.4)
      activerecord (>= 4.2)
    addressable (2.8.0)
      public_suffix (>= 2.0.2, < 5.0)
    airbrussh (1.3.1)
      sshkit (>= 1.6.1, != 1.7.0)
    arel (9.0.0)
    autoprefixer-rails (8.6.5)
      execjs
    axiom-types (0.1.1)
      descendants_tracker (~> 0.0.4)
      ice_nine (~> 0.11.0)
      thread_safe (~> 0.3, >= 0.3.1)
    babel-source (5.8.35)
    babel-transpiler (0.7.0)
      babel-source (>= 4.0, < 6)
      execjs (~> 2.0)
    batch-loader (1.5.0)
    bcrypt (3.1.18)
    bindex (0.5.0)
    bootsnap (1.3.2)
      msgpack (~> 1.0)
    builder (3.2.4)
    byebug (10.0.2)
    capistrano (3.3.5)
      capistrano-stats (~> 1.1.0)
      i18n
      rake (>= 10.0.0)
      sshkit (~> 1.3)
    capistrano-bundler (1.5.0)
      capistrano (~> 3.1)
    capistrano-db-tasks (0.6)
      capistrano (>= 3.0.0)
    capistrano-faster-assets (1.1.0)
      capistrano (>= 3.1)
    capistrano-passenger (0.2.0)
      capistrano (~> 3.0)
    capistrano-rails (1.4.0)
      capistrano (~> 3.1)
      capistrano-bundler (~> 1.1)
    capistrano-stats (1.1.1)
    carrierwave (1.3.2)
      activemodel (>= 4.0.0)
      activesupport (>= 4.0.0)
      mime-types (>= 1.16)
      ssrf_filter (~> 1.0)
    cells (4.1.7)
      declarative-builder (< 0.2.0)
      declarative-option (< 0.2.0)
      tilt (>= 1.4, < 3)
      uber (< 0.2.0)
    cells-erb (0.1.0)
      cells (~> 4.0)
      erbse (>= 0.1.1)
    cells-rails (0.0.9)
      actionpack (>= 3.0)
      cells (>= 4.1.6, < 5.0.0)
    chamber (2.10.2)
      hashie (~> 3.3)
      thor (~> 0.19.1)
    charlock_holmes (0.7.7)
    coercible (1.0.0)
      descendants_tracker (~> 0.0.1)
    coffee-rails (5.0.0)
      coffee-script (>= 2.2.0)
      railties (>= 5.2.0)
    coffee-script (2.4.1)
      coffee-script-source
      execjs
    coffee-script-source (1.12.2)
    concurrent-ruby (1.1.10)
    crass (1.0.6)
    css_parser (1.11.0)
      addressable
    date_validator (0.9.0)
      activemodel
      activesupport
    decidim-direct_verifications (0.17.8)
      decidim-admin (>= 0.17.1)
      decidim-core (>= 0.17.1)
    declarative-builder (0.1.0)
      declarative-option (< 0.2.0)
    declarative-option (0.1.0)
    descendants_tracker (0.0.4)
      thread_safe (~> 0.3, >= 0.3.1)
    devise (4.8.1)
      bcrypt (~> 3.0)
      orm_adapter (~> 0.1)
      railties (>= 4.1.0)
      responders
      warden (~> 1.2.3)
    devise-i18n (1.10.2)
      devise (>= 4.8.0)
    devise_invitable (1.7.5)
      actionmailer (>= 4.1.0)
      devise (>= 4.0.0)
    doc2text (0.4.1)
      nokogiri (~> 1.8, >= 1.8.2)
      rubyzip (~> 1.2, >= 1.2.2)
    domain_name (0.5.20190701)
      unf (>= 0.0.5, < 1.0.0)
    doorkeeper (4.4.3)
      railties (>= 4.2)
    doorkeeper-i18n (4.0.1)
    equalizer (0.0.11)
    erbse (0.1.4)
      temple
    erubi (1.10.0)
    etherpad-lite (0.3.1)
      rest-client (>= 1.6)
    execjs (2.8.1)
    faker (1.9.1)
      i18n (>= 0.7)
    faraday (2.3.0)
      faraday-net_http (~> 2.0)
      ruby2_keywords (>= 0.0.4)
    faraday-net_http (2.0.3)
    ffi (1.9.25)
    file_validators (2.3.0)
      activemodel (>= 3.2)
      mime-types (>= 1.0)
    foundation-rails (6.4.3.0)
      railties (>= 3.1.0)
      sass (>= 3.3.0, < 3.5)
      sprockets-es6 (>= 0.9.0)
    foundation_rails_helper (3.0.0)
      actionpack (>= 4.1, < 6.0)
      activemodel (>= 4.1, < 6.0)
      activesupport (>= 4.1, < 6.0)
      railties (>= 4.1, < 6.0)
      tzinfo (~> 1.2, >= 1.2.2)
    geocoder (1.8.0)
    globalid (1.0.0)
      activesupport (>= 5.0)
    graphiql-rails (1.4.11)
      railties
      sprockets-rails
    graphql (1.8.10)
    hashdiff (0.3.9)
    hashie (3.6.0)
    htmlentities (4.3.4)
    http-accept (1.7.0)
    http-cookie (1.0.5)
      domain_name (~> 0.5)
    httparty (0.16.4)
      mime-types (~> 3.0)
      multi_xml (>= 0.5.2)
    httplog (1.2.1)
      rack (>= 1.0)
      rainbow (>= 2.0.0)
    i18n (1.11.0)
      concurrent-ruby (~> 1.0)
    icalendar (2.5.3)
      ice_cube (~> 0.16)
    ice_cube (0.16.3)
    ice_nine (0.11.2)
    invisible_captcha (0.10.0)
      rails (>= 3.2.0)
    jquery-rails (4.5.0)
      rails-dom-testing (>= 1, < 3)
      railties (>= 4.2.0)
      thor (>= 0.14, < 2.0)
    jquery-tmpl-rails (1.1.0)
      rails (>= 3.1.0)
    jwt (2.4.1)
    kaminari (1.2.2)
      activesupport (>= 4.1.0)
      kaminari-actionview (= 1.2.2)
      kaminari-activerecord (= 1.2.2)
      kaminari-core (= 1.2.2)
    kaminari-actionview (1.2.2)
      actionview
      kaminari-core (= 1.2.2)
    kaminari-activerecord (1.2.2)
      activerecord
      kaminari-core (= 1.2.2)
    kaminari-core (1.2.2)
    launchy (2.4.3)
      addressable (~> 2.3)
    letter_opener (1.7.0)
      launchy (~> 2.2)
    letter_opener_web (1.3.4)
      actionmailer (>= 3.2)
      letter_opener (~> 1.0)
      railties (>= 3.2)
    listen (3.1.5)
      rb-fsevent (~> 0.9, >= 0.9.4)
      rb-inotify (~> 0.9, >= 0.9.7)
      ruby_dep (~> 1.2)
    loofah (2.18.0)
      crass (~> 1.0.2)
      nokogiri (>= 1.5.9)
    mail (2.7.1)
      mini_mime (>= 0.1.1)
    marcel (1.0.2)
    method_source (1.0.0)
    mime-types (3.4.1)
      mime-types-data (~> 3.2015)
    mime-types-data (3.2022.0105)
    mini_magick (4.11.0)
    mini_mime (1.1.2)
    mini_portile2 (2.8.0)
    minitest (5.16.2)
    msgpack (1.2.6)
    multi_json (1.15.0)
    multi_xml (0.6.0)
    mustache (1.1.1)
    net-scp (1.2.1)
      net-ssh (>= 2.6.5)
    net-ssh (5.1.0)
    netrc (0.11.0)
    nio4r (2.5.8)
    nobspw (0.4.0)
    nokogiri (1.13.7)
      mini_portile2 (~> 2.8.0)
      racc (~> 1.4)
    oauth (0.5.10)
    oauth2 (2.0.5)
      faraday (>= 0.17.3, < 3.0)
      jwt (>= 1.0, < 3.0)
      multi_xml (~> 0.5)
      rack (>= 1.2, < 3)
      rash_alt (>= 0.4, < 1)
      version_gem (~> 1.1)
    omniauth (1.9.1)
      hashie (>= 3.4.6)
      rack (>= 1.6.2, < 3)
    omniauth-facebook (4.0.0)
      omniauth-oauth2 (~> 1.2)
    omniauth-google-oauth2 (0.5.4)
      jwt (>= 1.5)
      omniauth (>= 1.1.1)
      omniauth-oauth2 (>= 1.5)
    omniauth-oauth (1.2.0)
      oauth
      omniauth (>= 1.0, < 3)
    omniauth-oauth2 (1.7.3)
      oauth2 (>= 1.4, < 3)
      omniauth (>= 1.9, < 3)
    omniauth-saml (1.10.1)
      omniauth (~> 1.3, >= 1.3.2)
      ruby-saml (~> 1.7)
    omniauth-twitter (1.4.0)
      omniauth-oauth (~> 1.1)
      rack
    orm_adapter (0.5.0)
    paper_trail (9.2.0)
      activerecord (>= 4.2, < 5.3)
      paper_trail-association_tracking (< 2)
      request_store (~> 1.1)
    paper_trail-association_tracking (1.1.1)
    pg (1.4.1)
    pg_search (2.3.6)
      activerecord (>= 5.2)
      activesupport (>= 5.2)
    premailer (1.16.0)
      addressable
      css_parser (>= 1.6.0)
      htmlentities (>= 4.0.0)
    premailer-rails (1.11.1)
      actionmailer (>= 3)
      premailer (~> 1.7, >= 1.7.9)
    public_suffix (4.0.7)
    puma (3.12.0)
    racc (1.6.0)
    rack (2.2.4)
    rack-attack (5.4.2)
      rack (>= 1.0, < 3)
    rack-cors (1.1.1)
      rack (>= 2.0.0)
    rack-test (2.0.2)
      rack (>= 1.3)
    rails (5.2.8.1)
      actioncable (= 5.2.8.1)
      actionmailer (= 5.2.8.1)
      actionpack (= 5.2.8.1)
      actionview (= 5.2.8.1)
      activejob (= 5.2.8.1)
      activemodel (= 5.2.8.1)
      activerecord (= 5.2.8.1)
      activestorage (= 5.2.8.1)
      activesupport (= 5.2.8.1)
      bundler (>= 1.3.0)
      railties (= 5.2.8.1)
      sprockets-rails (>= 2.0.0)
    rails-dom-testing (2.0.3)
      activesupport (>= 4.2.0)
      nokogiri (>= 1.6)
    rails-html-sanitizer (1.4.3)
      loofah (~> 2.3)
    rails-i18n (5.1.3)
      i18n (>= 0.7, < 2)
      railties (>= 5.0, < 6)
    railties (5.2.8.1)
      actionpack (= 5.2.8.1)
      activesupport (= 5.2.8.1)
      method_source
      rake (>= 0.8.7)
      thor (>= 0.19.0, < 2.0)
    rainbow (3.0.0)
    rake (13.0.6)
    ransack (2.5.0)
      activerecord (>= 5.2.4)
      activesupport (>= 5.2.4)
      i18n
    rash_alt (0.4.12)
      hashie (>= 3.4)
    rb-fsevent (0.10.3)
    rb-inotify (0.10.0)
      ffi (~> 1.0)
    rectify (0.13.0)
      activemodel (>= 4.1.0)
      activerecord (>= 4.1.0)
      activesupport (>= 4.1.0)
      virtus (~> 1.0.5)
      wisper (>= 1.6.1)
    redcarpet (3.5.1)
    redis (4.7.1)
    request_store (1.5.1)
      rack (>= 1.4)
    responders (3.0.1)
      actionpack (>= 5.0)
      railties (>= 5.0)
    rest-client (2.1.0)
      http-accept (>= 1.7.0, < 2.0)
      http-cookie (>= 1.0.2, < 2.0)
      mime-types (>= 1.16, < 4.0)
      netrc (~> 0.8)
    ruby-ole (1.2.12.2)
    ruby-saml (1.11.0)
      nokogiri (>= 1.5.10)
    ruby2_keywords (0.0.5)
    ruby_dep (1.5.0)
    rubyzip (1.3.0)
    sass (3.4.25)
    sassc (1.12.1)
      ffi (~> 1.9.6)
      sass (>= 3.3.0)
    sassc-rails (1.3.0)
      railties (>= 4.0.0)
      sass
      sassc (~> 1.9)
      sprockets (> 2.11)
      sprockets-rails
      tilt
    searchlight (4.1.0)
    social-share-button (1.2.4)
      coffee-rails
    spreadsheet (1.3.0)
      ruby-ole
    spring (2.0.2)
      activesupport (>= 4.2)
    spring-watcher-listen (2.0.1)
      listen (>= 2.7, < 4.0)
      spring (>= 1.2, < 3.0)
    sprockets (4.1.1)
      concurrent-ruby (~> 1.0)
      rack (> 1, < 3)
    sprockets-es6 (0.9.2)
      babel-source (>= 5.8.11)
      babel-transpiler
      sprockets (>= 3.0.0)
    sprockets-rails (3.4.2)
      actionpack (>= 5.2)
      activesupport (>= 5.2)
      sprockets (>= 3.0.0)
    sshkit (1.18.0)
      net-scp (>= 1.1.2)
      net-ssh (>= 2.8.0)
    ssrf_filter (1.0.7)
    temple (0.8.2)
    thor (0.19.4)
    thread_safe (0.3.6)
    tilt (2.0.10)
    truncato (0.7.12)
      htmlentities (~> 4.3.1)
      nokogiri (>= 1.7.0, <= 2.0)
    tzinfo (1.2.9)
      thread_safe (~> 0.1)
    uber (0.1.0)
    uglifier (4.1.20)
      execjs (>= 0.3.0, < 3)
    unf (0.1.4)
      unf_ext
    unf_ext (0.0.8.2)
    valid_email2 (2.3.1)
      activemodel (>= 3.2)
      mail (~> 2.5)
    version_gem (1.1.0)
    virtus (1.0.5)
      axiom-types (~> 0.1)
      coercible (~> 1.0)
      descendants_tracker (~> 0.0, >= 0.0.3)
      equalizer (~> 0.0, >= 0.0.9)
    warden (1.2.9)
      rack (>= 2.0.9)
    web-console (3.7.0)
      actionview (>= 5.0)
      activemodel (>= 5.0)
      bindex (>= 0.4.0)
      railties (>= 5.0)
    websocket-driver (0.7.5)
      websocket-extensions (>= 0.1.0)
    websocket-extensions (0.1.5)
    wisper (2.0.1)

PLATFORMS
  ruby

DEPENDENCIES
  activerecord-session_store
  airbrussh
  bootsnap (~> 1.3)
  byebug (~> 10.0)
  capistrano (= 3.3.5)
  capistrano-bundler (~> 1.2)
  capistrano-db-tasks
  capistrano-faster-assets (~> 1.0)
  capistrano-passenger
  capistrano-rails
  chamber (~> 2.10.1)
  decidim!
  decidim-consultations!
  decidim-direct_verifications (= 0.17.8)
  faker (~> 1.9)
  httplog
  letter_opener_web (~> 1.3)
  listen (~> 3.1)
  omniauth-saml
  puma (~> 3.0)
  spring (~> 2.0)
  spring-watcher-listen (~> 2.0)
  tzinfo-data
  uglifier (~> 4.1)
  web-console (~> 3.5)

RUBY VERSION
   ruby 2.5.3p105

BUNDLED WITH
   1.17.2
